GIT
  remote: git://github.com/jilion/configurator.git
  revision: 3a8df3f51dea0e414bc9cd86fea1f85b1a30745a
  specs:
    configurator (1.0.0)
      activesupport (>= 3.2.12)

GIT
  remote: git://github.com/jilion/useragent.git
  revision: 9fd0f887527850994c543caa7cf5327bd635dc02
  specs:
    useragent (0.2.3)

GIT
  remote: git://github.com/librato/librato-rails.git
  revision: 82a95ae54f2ed990135a7b655293107384da2796
  branch: feature/rack_first
  specs:
    librato-rails (0.8.1)
      librato-metrics (~> 1.0.2)
      rails (>= 3.0)

GIT
  remote: git://github.com/mongoid/kiqstand.git
  revision: fdd5ea62293707fe044180a220670b0142314d04
  specs:
    kiqstand (1.2.0)
      mongoid (~> 4.0)
      moped (~> 1.4)

GIT
  remote: git://github.com/mongoid/mongoid.git
  revision: f703270f44021fb9e7411d8ed113159282e726c6
  specs:
    mongoid (4.0.0)
      activemodel (~> 4.0.0.rc1)
      moped (~> 1.4.2)
      origin (~> 1.0)
      tzinfo (~> 0.3.22)

GEM
  remote: https://rubygems.org/
  remote: https://8dezqz7z7HWea9vtaFwg@gem.fury.io/me/
  specs:
    actionmailer (4.0.0.rc1)
      actionpack (= 4.0.0.rc1)
      mail (~> 2.5.3)
    actionpack (4.0.0.rc1)
      activesupport (= 4.0.0.rc1)
      builder (~> 3.1.0)
      erubis (~> 2.7.0)
      rack (~> 1.5.2)
      rack-test (~> 0.6.2)
    activemodel (4.0.0.rc1)
      activesupport (= 4.0.0.rc1)
      builder (~> 3.1.0)
    activerecord (4.0.0.rc1)
      activemodel (= 4.0.0.rc1)
      activerecord-deprecated_finders (~> 1.0.2)
      activesupport (= 4.0.0.rc1)
      arel (~> 4.0.0)
    activerecord-deprecated_finders (1.0.2)
    activesupport (4.0.0.rc1)
      i18n (~> 0.6, >= 0.6.4)
      minitest (~> 4.2)
      multi_json (~> 1.3)
      thread_safe (~> 0.1)
      tzinfo (~> 0.3.37)
    addressable (2.3.4)
    aggregate (0.2.2)
    airbrake (3.1.12)
      activesupport
      builder
      json
    arel (4.0.0)
    atomic (1.1.8)
    builder (3.1.4)
    celluloid (0.13.0)
      timers (>= 1.0.0)
    coderay (1.0.9)
    connection_pool (1.0.0)
    crack (0.3.2)
    daemons (1.1.9)
    dalli (2.6.2)
    database_cleaner (0.9.1)
    diff-lcs (1.2.4)
    erubis (2.7.0)
    eventmachine (1.0.3)
    factory_girl (4.2.0)
      activesupport (>= 3.0.0)
    factory_girl_rails (4.2.1)
      factory_girl (~> 4.2.0)
      railties (>= 3.0.0)
    faraday (0.8.7)
      multipart-post (~> 1.1)
    ffi (1.8.1)
    formatador (0.2.4)
    geoip (1.2.1)
    guard (1.8.0)
      formatador (>= 0.2.4)
      listen (>= 1.0.0)
      lumberjack (>= 1.0.2)
      pry (>= 0.9.10)
      thor (>= 0.14.6)
    guard-pow (1.0.0)
      guard (>= 1.1)
    guard-rspec (2.6.0)
      guard (>= 1.8)
      rspec (~> 2.13)
    has_scope (0.5.1)
    her (0.6.5)
      activemodel (>= 3.0.0)
      activesupport (>= 3.0.0)
      faraday (~> 0.8)
      multi_json (~> 1.7)
    hike (1.2.2)
    i18n (0.6.4)
    json (1.7.7)
    kaminari (0.14.1)
      actionpack (>= 3.0.0)
      activesupport (>= 3.0.0)
    librato-metrics (1.0.4)
      aggregate (~> 0.2.2)
      faraday (~> 0.7)
      multi_json
    listen (1.0.3)
      rb-fsevent (>= 0.9.3)
      rb-inotify (>= 0.9)
      rb-kqueue (>= 0.2)
    lograge (0.2.0)
      actionpack
      activesupport
    lumberjack (1.0.3)
    mail (2.5.3)
      i18n (>= 0.4.0)
      mime-types (~> 1.16)
      treetop (~> 1.4.8)
    method_source (0.8.1)
    mime-types (1.23)
    minitest (4.7.3)
    mongoid-rspec (1.8.0)
      mongoid (>= 3.0.1)
      rake
      rspec (>= 2.9)
    moped (1.4.5)
    multi_json (1.7.2)
    multipart-post (1.2.0)
    newrelic_rpm (3.6.1.88)
    origin (1.1.0)
    polyglot (0.3.3)
    pry (0.9.12.1)
      coderay (~> 1.0.5)
      method_source (~> 0.8)
      slop (~> 3.4)
    rack (1.5.2)
    rack-cache (1.2)
      rack (>= 0.4)
    rack-status (1.0.0)
    rack-test (0.6.2)
      rack (>= 1.0)
    rails (4.0.0.rc1)
      actionmailer (= 4.0.0.rc1)
      actionpack (= 4.0.0.rc1)
      activerecord (= 4.0.0.rc1)
      activesupport (= 4.0.0.rc1)
      bundler (>= 1.3.0, < 2.0)
      railties (= 4.0.0.rc1)
      sprockets-rails (~> 2.0.0.rc4)
    railties (4.0.0.rc1)
      actionpack (= 4.0.0.rc1)
      activesupport (= 4.0.0.rc1)
      rake (>= 0.8.7)
      thor (>= 0.18.1, < 2.0)
    rake (10.0.4)
    rb-fsevent (0.9.3)
    rb-inotify (0.9.0)
      ffi (>= 0.5.0)
    rb-kqueue (0.2.0)
      ffi (>= 0.5.0)
    redis (3.0.4)
    redis-namespace (1.2.1)
      redis (~> 3.0.0)
    rescue_me (0.1.3)
    responders (0.6.5)
    rspec (2.13.0)
      rspec-core (~> 2.13.0)
      rspec-expectations (~> 2.13.0)
      rspec-mocks (~> 2.13.0)
    rspec-core (2.13.1)
    rspec-expectations (2.13.0)
      diff-lcs (>= 1.1.3, < 2.0)
    rspec-mocks (2.13.1)
    rspec-rails (2.13.1)
      actionpack (>= 3.0)
      activesupport (>= 3.0)
      railties (>= 3.0)
      rspec-core (~> 2.13.0)
      rspec-expectations (~> 2.13.0)
      rspec-mocks (~> 2.13.0)
    ruby_gntp (0.3.4)
    shoulda-matchers (2.0.0)
      activesupport (>= 3.0.0)
    sidekiq (2.11.1)
      celluloid (~> 0.13.0)
      connection_pool (~> 1.0)
      multi_json (~> 1)
      redis (~> 3)
      redis-namespace
    slop (3.4.4)
    sprockets (2.9.3)
      hike (~> 1.2)
      multi_json (~> 1.0)
      rack (~> 1.0)
      tilt (~> 1.1, != 1.3.0)
    sprockets-rails (2.0.0.rc4)
      actionpack (>= 3.0)
      activesupport (>= 3.0)
      sprockets (~> 2.8)
    sublime_video_private_api (1.3.3)
      activesupport (>= 3.2)
      her (~> 0.6.1)
      kaminari
      multi_json
      rescue_me
      responders
    thin (1.5.1)
      daemons (>= 1.0.9)
      eventmachine (>= 0.12.6)
      rack (>= 1.0.0)
    thor (0.18.1)
    thread_safe (0.1.0)
      atomic
    tilt (1.3.7)
    timecop (0.6.1)
    timers (1.1.0)
    treetop (1.4.12)
      polyglot
      polyglot (>= 0.3.1)
    tzinfo (0.3.37)
    vcr (2.4.0)
    webmock (1.9.3)
      addressable (>= 2.2.7)
      crack (>= 0.3.2)

PLATFORMS
  ruby

DEPENDENCIES
  airbrake
  configurator!
  dalli
  database_cleaner
  factory_girl_rails
  geoip
  guard-pow
  guard-rspec
  has_scope
  kiqstand!
  librato-rails!
  lograge
  mongoid!
  mongoid-rspec
  newrelic_rpm
  rack-cache
  rack-status
  rails (= 4.0.0.rc1)
  rspec-rails
  ruby_gntp
  shoulda-matchers
  sidekiq
  sublime_video_private_api (~> 1.0)
  thin
  timecop
  useragent!
  vcr
  webmock (>= 1.8.0, < 1.10)
